GIT
  remote: https://github.com/Vaqim/html_writer
  revision: eba8886f138b0658f405107aec56be137326e7e6
  branch: master
  specs:
    html_writer (0.1.0)
      nokogiri
      sanitize

GEM
  remote: https://rubygems.org/
  specs:
    crass (1.0.6)
    mini_portile2 (2.8.1)
    nokogiri (1.14.0)
      mini_portile2 (~> 2.8.0)
      racc (~> 1.4)
    racc (1.6.2)
    sanitize (6.0.1)
      crass (~> 1.0.2)
      nokogiri (>= 1.12.0)

PLATFORMS
  ruby

DEPENDENCIES
  html_writer!

BUNDLED WITH
   2.0.2
