GIT
  remote: https://github.com/Vaqim/html_writer
  revision: eba8886f138b0658f405107aec56be137326e7e6
  branch: master
  specs:
    html_writer (0.1.0)
      nokogiri
      sanitize

GEM
  remote: https://rubygems.org/
  specs:
    crass (1.0.6)
    mini_portile2 (2.4.0)
    nokogiri (1.10.9)
      mini_portile2 (~> 2.4.0)
    nokogumbo (2.0.2)
      nokogiri (~> 1.8, >= 1.8.4)
    sanitize (5.2.1)
      crass (~> 1.0.2)
      nokogiri (>= 1.8.0)
      nokogumbo (~> 2.0)

PLATFORMS
  ruby

DEPENDENCIES
  html_writer!

BUNDLED WITH
   2.0.2
